PATH
  remote: .
  specs:
    metasm (1.0.2)

GEM
  specs:
    byebug (11.1.3)
    coderay (1.1.3)
    method_source (1.0.0)
    pry (0.14.2)
      coderay (~> 1.1)
      method_source (~> 1.0)
    pry-byebug (3.10.1)
      byebug (~> 11.0)
      pry (>= 0.13, < 0.15)

GEM
  remote: https://rubygems.org/
  specs:
    power_assert (2.0.3)
    rake (13.1.0)
    test-unit (3.6.1)
      power_assert

PLATFORMS
  arm64-darwin-22

DEPENDENCIES
  bundler (>= 2.2.10)!
  metasm!
  pry-byebug
  rake!
  test-unit!

BUNDLED WITH
   2.2.33
